PATH
  remote: .
  specs:
    ree_lib (1.3.0)
      bigdecimal (~> 3.1.9)
      binding_of_caller (~> 1.0.1)
      i18n (~> 1.14.7)
      loofah (~> 2.24.0)
      oj (~> 3.16.9)
      rainbow (~> 3.1.1)
      ree (~> 1.1.2)
      sequel (~> 5.88.0)
      tzinfo (~> 2.0.6)

GEM
  remote: https://rubygems.org/
  specs:
    addressable (2.8.7)
      public_suffix (>= 2.0.2, < 7.0)
    bigdecimal (3.1.9)
    binding_of_caller (1.0.1)
      debug_inspector (>= 1.2.0)
    bootsnap (1.18.4)
      msgpack (~> 1.2)
    commander (5.0.0)
      highline (~> 3.0.0)
    concurrent-ruby (1.3.4)
    crack (1.0.0)
      bigdecimal
      rexml
    crass (1.0.6)
    debug_inspector (1.2.0)
    diff-lcs (1.5.1)
    faker (3.5.1)
      i18n (>= 1.8.11, < 2)
    hashdiff (1.1.1)
    highline (3.0.1)
    i18n (1.14.7)
      concurrent-ruby (~> 1.0)
    logger (1.6.6)
    loofah (2.24.0)
      crass (~> 1.0.2)
      nokogiri (>= 1.12.0)
    msgpack (1.7.2)
    nokogiri (1.18.2-x86_64-darwin)
      racc (~> 1.4)
    nokogiri (1.18.2-x86_64-linux-gnu)
      racc (~> 1.4)
    oj (3.16.9)
      bigdecimal (>= 3.0)
      ostruct (>= 0.2)
    ostruct (0.6.1)
    pg (1.5.9)
    public_suffix (6.0.1)
    racc (1.8.1)
    rack (3.1.7)
    rack-test (2.1.0)
      rack (>= 1.3)
    rainbow (3.1.1)
    rake (13.2.1)
    ree (1.1.2)
      commander (~> 5.0.0)
      logger (~> 1.6.5)
    rexml (3.3.6)
      strscan
    roda (3.88.0)
      rack
    rollbar (3.6.0)
    rspec (3.13.0)
      rspec-core (~> 3.13.0)
      rspec-expectations (~> 3.13.0)
      rspec-mocks (~> 3.13.0)
    rspec-core (3.13.2)
      rspec-support (~> 3.13.0)
    rspec-expectations (3.13.3)
      diff-lcs (>= 1.2.0, < 2.0)
      rspec-support (~> 3.13.0)
    rspec-mocks (3.13.2)
      diff-lcs (>= 1.2.0, < 2.0)
      rspec-support (~> 3.13.0)
    rspec-support (3.13.1)
    ruby-prof (1.7.0)
    sequel (5.88.0)
      bigdecimal
    sqlite3 (2.5.0-x86_64-darwin)
    sqlite3 (2.5.0-x86_64-linux-gnu)
    strscan (3.1.0)
    timecop (0.9.10)
    tzinfo (2.0.6)
      concurrent-ruby (~> 1.0)
    warden (1.2.9)
      rack (>= 2.0.9)
    webmock (3.23.1)
      addressable (>= 2.8.0)
      crack (>= 0.3.2)
      hashdiff (>= 0.4.0, < 2.0.0)

PLATFORMS
  x86_64-darwin-19
  x86_64-darwin-21
  x86_64-darwin-22
  x86_64-darwin-23
  x86_64-linux

DEPENDENCIES
  bootsnap
  faker (~> 3.5.1)
  pg (~> 1.5.9)
  rack-test
  rake (~> 13.0)
  ree_lib!
  roda (~> 3.88.0)
  rollbar (~> 3.6.0)
  rspec
  ruby-prof
  sqlite3 (~> 2.5.0)
  timecop (~> 0.9.10)
  warden (~> 1.2.9)
  webmock

BUNDLED WITH
   2.6.3
