PATH
  remote: .
  specs:
    ree_lib (1.0.91)
      bigdecimal (~> 3.1.6)
      binding_of_caller (~> 1.0.0)
      i18n (~> 1.14.1)
      loofah (~> 2.22.0)
      oj (~> 3.16.3)
      rainbow (~> 3.1.1)
      ree (~> 1.0.0)
      sequel (~> 5.76.0)
      tzinfo (~> 2.0.5)

GEM
  remote: https://rubygems.org/
  specs:
    addressable (2.8.6)
      public_suffix (>= 2.0.2, < 6.0)
    bigdecimal (3.1.6)
    binding_of_caller (1.0.0)
      debug_inspector (>= 0.0.1)
    bootsnap (1.17.1)
      msgpack (~> 1.2)
    commander (5.0.0)
      highline (~> 3.0.0)
    concurrent-ruby (1.2.3)
    crack (0.4.5)
      rexml
    crass (1.0.6)
    debug_inspector (1.2.0)
    diff-lcs (1.5.0)
    faker (3.2.3)
      i18n (>= 1.8.11, < 2)
    hashdiff (1.1.0)
    highline (3.0.1)
    i18n (1.14.1)
      concurrent-ruby (~> 1.0)
    loofah (2.22.0)
      crass (~> 1.0.2)
      nokogiri (>= 1.12.0)
    msgpack (1.7.2)
    nokogiri (1.16.0-x86_64-darwin)
      racc (~> 1.4)
    nokogiri (1.16.0-x86_64-linux)
      racc (~> 1.4)
    oj (3.16.3)
      bigdecimal (>= 3.0)
    pg (1.5.4)
    public_suffix (5.0.4)
    racc (1.7.3)
    rack (3.0.8)
    rack-test (2.1.0)
      rack (>= 1.3)
    rainbow (3.1.1)
    rake (13.1.0)
    ree (1.0.35)
      commander (~> 5.0.0)
    rexml (3.2.6)
    roda (3.76.0)
      rack
    rollbar (3.5.1)
    rspec (3.12.0)
      rspec-core (~> 3.12.0)
      rspec-expectations (~> 3.12.0)
      rspec-mocks (~> 3.12.0)
    rspec-core (3.12.2)
      rspec-support (~> 3.12.0)
    rspec-expectations (3.12.3)
      diff-lcs (>= 1.2.0, < 2.0)
      rspec-support (~> 3.12.0)
    rspec-mocks (3.12.6)
      diff-lcs (>= 1.2.0, < 2.0)
      rspec-support (~> 3.12.0)
    rspec-support (3.12.1)
    sequel (5.76.0)
      bigdecimal
    sqlite3 (1.4.4)
    timecop (0.9.8)
    tzinfo (2.0.6)
      concurrent-ruby (~> 1.0)
    warden (1.2.9)
      rack (>= 2.0.9)
    webmock (3.19.1)
      addressable (>= 2.8.0)
      crack (>= 0.3.2)
      hashdiff (>= 0.4.0, < 2.0.0)

PLATFORMS
  x86_64-darwin-19
  x86_64-darwin-21
  x86_64-darwin-22
  x86_64-linux

DEPENDENCIES
  bootsnap
  faker (~> 3.2)
  pg (~> 1.5.4)
  rack-test
  rake (~> 13.0)
  ree_lib!
  roda (~> 3.76.0)
  rollbar (~> 3.5.1)
  rspec
  sqlite3 (~> 1.4.4)
  timecop (~> 0.9.5)
  warden (~> 1.2.9)
  webmock

BUNDLED WITH
   2.5.4
