PATH
  remote: .
  specs:
    ree_lib (1.0.49)
      binding_of_caller (~> 1.0.0)
      i18n (~> 1.12.0)
      loofah (~> 2.18.0)
      oj (~> 3.13.17)
      rainbow (~> 3.1.1)
      ree (~> 1.0.0)
      sequel (~> 5.58.0)
      tzinfo (~> 2.0.5)

GEM
  remote: https://rubygems.org/
  specs:
    addressable (2.8.1)
      public_suffix (>= 2.0.2, < 6.0)
    binding_of_caller (1.0.0)
      debug_inspector (>= 0.0.1)
    bootsnap (1.16.0)
      msgpack (~> 1.2)
    commander (4.6.0)
      highline (~> 2.0.0)
    concurrent-ruby (1.2.2)
    crack (0.4.5)
      rexml
    crass (1.0.6)
    debug_inspector (1.1.0)
    diff-lcs (1.5.0)
    faker (3.2.0)
      i18n (>= 1.8.11, < 2)
    hashdiff (1.0.1)
    highline (2.0.3)
    i18n (1.12.0)
      concurrent-ruby (~> 1.0)
    loofah (2.18.0)
      crass (~> 1.0.2)
      nokogiri (>= 1.5.9)
    msgpack (1.6.0)
    nokogiri (1.15.2-x86_64-darwin)
      racc (~> 1.4)
    nokogiri (1.15.2-x86_64-linux)
      racc (~> 1.4)
    oj (3.13.23)
    pg (1.4.6)
    public_suffix (5.0.1)
    racc (1.6.2)
    rack (3.0.5)
    rack-test (2.0.2)
      rack (>= 1.3)
    rainbow (3.1.1)
    rake (13.0.6)
    ree (1.0.28)
      commander (~> 4.6.0)
    rexml (3.2.5)
    roda (3.58.0)
      rack
    rollbar (3.3.3)
    rspec (3.12.0)
      rspec-core (~> 3.12.0)
      rspec-expectations (~> 3.12.0)
      rspec-mocks (~> 3.12.0)
    rspec-core (3.12.1)
      rspec-support (~> 3.12.0)
    rspec-expectations (3.12.2)
      diff-lcs (>= 1.2.0, < 2.0)
      rspec-support (~> 3.12.0)
    rspec-mocks (3.12.3)
      diff-lcs (>= 1.2.0, < 2.0)
      rspec-support (~> 3.12.0)
    rspec-support (3.12.0)
    sequel (5.58.0)
    sqlite3 (1.4.4)
    timecop (0.9.6)
    tzinfo (2.0.6)
      concurrent-ruby (~> 1.0)
    warden (1.2.9)
      rack (>= 2.0.9)
    webmock (3.18.1)
      addressable (>= 2.8.0)
      crack (>= 0.3.2)
      hashdiff (>= 0.4.0, < 2.0.0)

PLATFORMS
  x86_64-darwin-19
  x86_64-darwin-21
  x86_64-linux

DEPENDENCIES
  bootsnap
  faker
  pg (~> 1.4.1)
  rack-test
  rake (~> 13.0)
  ree_lib!
  roda (~> 3.58.0)
  rollbar (~> 3.3.1)
  rspec
  sqlite3 (~> 1.4.4)
  timecop (~> 0.9.5)
  warden (~> 1.2.9)
  webmock

BUNDLED WITH
   2.3.7
