PATH
  remote: .
  specs:
    ree (1.2.0)
      commander (~> 5.0.0)
      logger (~> 1.6.5)

GEM
  remote: https://rubygems.org/
  specs:
    commander (5.0.0)
      highline (~> 3.0.0)
    debug (1.9.1)
      irb (~> 1.10)
      reline (>= 0.3.8)
    diff-lcs (1.5.0)
    highline (3.0.1)
    io-console (0.7.2)
    irb (1.11.1)
      rdoc
      reline (>= 0.4.2)
    logger (1.6.5)
    psych (5.1.2)
      stringio
    rake (13.1.0)
    rdoc (6.6.2)
      psych (>= 4.0.0)
    reline (0.4.2)
      io-console (~> 0.5)
    rspec (3.12.0)
      rspec-core (~> 3.12.0)
      rspec-expectations (~> 3.12.0)
      rspec-mocks (~> 3.12.0)
    rspec-core (3.12.2)
      rspec-support (~> 3.12.0)
    rspec-expectations (3.12.3)
      diff-lcs (>= 1.2.0, < 2.0)
      rspec-support (~> 3.12.0)
    rspec-mocks (3.12.6)
      diff-lcs (>= 1.2.0, < 2.0)
      rspec-support (~> 3.12.0)
    rspec-support (3.12.1)
    stringio (3.1.0)

PLATFORMS
  arm64-darwin-21
  x86_64-darwin-19
  x86_64-darwin-21
  x86_64-darwin-22
  x86_64-darwin-23
  x86_64-linux

DEPENDENCIES
  debug
  rake (~> 13.0)
  ree!
  rspec (~> 3.0)

BUNDLED WITH
   2.5.4
