PATH
  remote: .
  specs:
    ruby-lsp-ree (0.1.18)

GEM
  remote: https://rubygems.org/
  specs:
    diff-lcs (1.6.0)
    language_server-protocol (3.17.0.4)
    logger (1.6.6)
    prism (1.3.0)
    rake (13.2.1)
    rbs (3.8.1)
      logger
    rspec (3.13.0)
      rspec-core (~> 3.13.0)
      rspec-expectations (~> 3.13.0)
      rspec-mocks (~> 3.13.0)
    rspec-core (3.13.3)
      rspec-support (~> 3.13.0)
    rspec-expectations (3.13.3)
      diff-lcs (>= 1.2.0, < 2.0)
      rspec-support (~> 3.13.0)
    rspec-mocks (3.13.2)
      diff-lcs (>= 1.2.0, < 2.0)
      rspec-support (~> 3.13.0)
    rspec-support (3.13.2)
    ruby-lsp (0.23.11)
      language_server-protocol (~> 3.17.0)
      prism (>= 1.2, < 2.0)
      rbs (>= 3, < 4)
      sorbet-runtime (>= 0.5.10782)
    sorbet (0.5.11835)
      sorbet-static (= 0.5.11835)
    sorbet-runtime (0.5.11835)
    sorbet-static (0.5.11835-universal-darwin)
    sorbet-static (0.5.11835-x86_64-linux)
    sorbet-static-and-runtime (0.5.11835)
      sorbet (= 0.5.11835)
      sorbet-runtime (= 0.5.11835)

PLATFORMS
  x86_64-darwin-23
  x86_64-linux

DEPENDENCIES
  rake (~> 13.0)
  rspec
  ruby-lsp
  ruby-lsp-ree!
  sorbet-static-and-runtime

BUNDLED WITH
   2.6.3
